GEM
  remote: https://rubygems.org/
  specs:
    colored (1.2)
    daemons (1.1.6)
    eventmachine (0.12.10)
    fdlint (0.2.1)
      colored (~> 1.2)
      gli (~> 2.9.0)
      string_utf8 (~> 0.1.1)
    gli (2.9.0)
    haml (3.1.4)
    rack (1.4.1)
    rack-protection (1.2.0)
      rack
    sinatra (1.3.2)
      rack (~> 1.3, >= 1.3.6)
      rack-protection (~> 1.2)
      tilt (~> 1.3, >= 1.3.3)
    string_utf8 (0.1.1)
    thin (1.3.1)
      daemons (>= 1.0.9)
      eventmachine (>= 0.12.6)
      rack (>= 1.0.0)
    tilt (1.3.3)

PLATFORMS
  ruby

DEPENDENCIES
  fdlint (~> 0.2.1)
  haml
  sinatra
  thin
